GEM
  remote: https://rubygems.org/
  specs:
    github-pages (232)
      activesupport (= 7.0.8)
      github-pages-health-check (= 1.17.10)
      jekyll (= 3.9.3)
      jekyll-avatar (= 0.7.0)
      jekyll-coffeescript (= 1.1.1)
      jekyll-commonmark-ghpages (= 0.4.0)
      jekyll-default-layout (= 0.1.4)
      jekyll-feed (= 0.15.1)
      jekyll-gist (= 1.5.0)
      jekyll-github-metadata (= 2.13.0)
      jekyll-mentions (= 1.6.0)
      jekyll-optional-front-matter (= 0.3.2)
      jekyll-paginate (= 1.1.0)
      jekyll-readme-index (= 0.3.0)
      jekyll-redirect-from (= 0.16.0)
      jekyll-relative-links (= 0.6.1)
      jekyll-remote-theme (= 0.4.3)
      jekyll-sass-converter (= 1.5.2)
      jekyll-seo-tag (= 2.8.0)
      jekyll-sitemap (= 1.4.0)
      jekyll-swiss (= 1.0.0)
      jekyll-theme-primer (= 0.6.0)
      jekyll-titles-from-headings (= 0.5.3)
      jemoji (= 0.12.0)
      kramdown (= 2.3.2)
      kramdown-parser-gfm (= 1.1.0)
      liquid (= 4.0.3)
      rouge (= 3.30.0)
      webrick (= 1.8.1)

PLATFORMS
  ruby

DEPENDENCIES
  github-pages (~> 232)
  jekyll-sass-converter
  webrick

BUNDLED WITH
   2.3.26
